GIT
  remote: https://github.com/heartcombo/responders.git
  revision: cf72db400492bf19a2169bd7b6de68e7036df30e
  specs:
    responders (3.0.1)
      actionpack (>= 5.2)
      railties (>= 5.2)

GIT
  remote: https://github.com/jitingcn/madmin.git
  revision: 9542542b1164061a864471658e6ddab0708afe94
  branch: dev
  specs:
    madmin (1.2.5)
      pagy (>= 3.5, < 5.0)
      rails (>= 6.0.3)

GIT
  remote: https://github.com/stimulusreflex/stimulus_reflex.git
  revision: 869ecae67fdafd11d3136195158848daccfef0c3
  tag: v3.5.0.pre8
  specs:
    stimulus_reflex (3.5.0.pre8)
      cable_ready (= 5.0.0.pre8)
      nokogiri
      rack
      rails (>= 5.2)
      redis

GEM
  remote: https://rubygems.org/
  specs:
    actioncable (6.1.4.1)
      actionpack (= 6.1.4.1)
      activesupport (= 6.1.4.1)
      nio4r (~> 2.0)
      websocket-driver (>= 0.6.1)
    actionmailbox (6.1.4.1)
      actionpack (= 6.1.4.1)
      activejob (= 6.1.4.1)
      activerecord (= 6.1.4.1)
      activestorage (= 6.1.4.1)
      activesupport (= 6.1.4.1)
      mail (>= 2.7.1)
    actionmailer (6.1.4.1)
      actionpack (= 6.1.4.1)
      actionview (= 6.1.4.1)
      activejob (= 6.1.4.1)
      activesupport (= 6.1.4.1)
      mail (~> 2.5, >= 2.5.4)
      rails-dom-testing (~> 2.0)
    actionpack (6.1.4.1)
      actionview (= 6.1.4.1)
      activesupport (= 6.1.4.1)
      rack (~> 2.0, >= 2.0.9)
      rack-test (>= 0.6.3)
      rails-dom-testing (~> 2.0)
      rails-html-sanitizer (~> 1.0, >= 1.2.0)
    actiontext (6.1.4.1)
      actionpack (= 6.1.4.1)
      activerecord (= 6.1.4.1)
      activestorage (= 6.1.4.1)
      activesupport (= 6.1.4.1)
      nokogiri (>= 1.8.5)
    actionview (6.1.4.1)
      activesupport (= 6.1.4.1)
      builder (~> 3.1)
      erubi (~> 1.4)
      rails-dom-testing (~> 2.0)
      rails-html-sanitizer (~> 1.1, >= 1.2.0)
    activejob (6.1.4.1)
      activesupport (= 6.1.4.1)
      globalid (>= 0.3.6)
    activemodel (6.1.4.1)
      activesupport (= 6.1.4.1)
    activerecord (6.1.4.1)
      activemodel (= 6.1.4.1)
      activesupport (= 6.1.4.1)
    activestorage (6.1.4.1)
      actionpack (= 6.1.4.1)
      activejob (= 6.1.4.1)
      activerecord (= 6.1.4.1)
      activesupport (= 6.1.4.1)
      marcel (~> 1.0.0)
      mini_mime (>= 1.1.0)
    activesupport (6.1.4.1)
      concurrent-ruby (~> 1.0, >= 1.0.2)
      i18n (>= 1.6, < 2)
      minitest (>= 5.1)
      tzinfo (~> 2.0)
      zeitwerk (~> 2.3)
    addressable (2.8.0)
      public_suffix (>= 2.0.2, < 5.0)
    bcrypt (3.1.16)
    bindex (0.8.1)
    bootsnap (1.9.3)
      msgpack (~> 1.0)
    builder (3.2.4)
    cable_ready (5.0.0.pre8)
      rails (>= 5.2)
      thread-local (>= 1.1.0)
    capybara (3.36.0)
      addressable
      matrix
      mini_mime (>= 0.1.3)
      nokogiri (~> 1.8)
      rack (>= 1.6.0)
      rack-test (>= 0.6.3)
      regexp_parser (>= 1.5, < 3.0)
      xpath (~> 3.2)
    chartkick (4.1.2)
    childprocess (4.1.0)
    concurrent-ruby (1.1.9)
    crass (1.0.6)
    debug (1.3.4)
      irb (>= 1.3.6)
      reline (>= 0.2.7)
    devise (4.8.0)
      bcrypt (~> 3.0)
      orm_adapter (~> 0.1)
      railties (>= 4.1.0)
      responders
      warden (~> 1.2.3)
    dry-cli (0.7.0)
    erubi (1.10.0)
    ffi (1.15.4)
    globalid (1.0.0)
      activesupport (>= 5.0)
    hiredis (0.6.3)
    hotwire-rails (0.1.3)
      rails (>= 6.0.0)
      stimulus-rails
      turbo-rails
    i18n (1.8.11)
      concurrent-ruby (~> 1.0)
    io-console (0.5.9)
    irb (1.3.7)
      reline (>= 0.2.7)
    jbuilder (2.11.3)
      activesupport (>= 5.0.0)
    kredis (1.0.0)
      activesupport (>= 6.0.0)
      redis (~> 4.2)
    listen (3.7.0)
      rb-fsevent (~> 0.10, >= 0.10.3)
      rb-inotify (~> 0.9, >= 0.9.10)
    loofah (2.12.0)
      crass (~> 1.0.2)
      nokogiri (>= 1.5.9)
    mail (2.7.1)
      mini_mime (>= 0.1.1)
    marcel (1.0.2)
    matrix (0.4.2)
    method_source (1.0.0)
    mini_mime (1.1.2)
    minitest (5.14.4)
    msgpack (1.4.2)
    nio4r (2.5.8)
    nokogiri (1.12.5-x86_64-linux)
      racc (~> 1.4)
    orm_adapter (0.5.0)
    pagy (4.11.0)
    paper_trail (12.1.0)
      activerecord (>= 5.2)
      request_store (~> 1.1)
    pg (1.2.3)
    public_suffix (4.0.6)
    puma (5.5.2)
      nio4r (~> 2.0)
    racc (1.6.0)
    rack (2.2.3)
    rack-mini-profiler (2.3.3)
      rack (>= 1.2.0)
    rack-proxy (0.7.0)
      rack
    rack-test (1.1.0)
      rack (>= 1.0, < 3)
    rails (6.1.4.1)
      actioncable (= 6.1.4.1)
      actionmailbox (= 6.1.4.1)
      actionmailer (= 6.1.4.1)
      actionpack (= 6.1.4.1)
      actiontext (= 6.1.4.1)
      actionview (= 6.1.4.1)
      activejob (= 6.1.4.1)
      activemodel (= 6.1.4.1)
      activerecord (= 6.1.4.1)
      activestorage (= 6.1.4.1)
      activesupport (= 6.1.4.1)
      bundler (>= 1.15.0)
      railties (= 6.1.4.1)
      sprockets-rails (>= 2.0.0)
    rails-dom-testing (2.0.3)
      activesupport (>= 4.2.0)
      nokogiri (>= 1.6)
    rails-html-sanitizer (1.4.2)
      loofah (~> 2.3)
    railties (6.1.4.1)
      actionpack (= 6.1.4.1)
      activesupport (= 6.1.4.1)
      method_source
      rake (>= 0.13)
      thor (~> 1.0)
    rake (13.0.6)
    rb-fsevent (0.11.0)
    rb-inotify (0.10.1)
      ffi (~> 1.0)
    redis (4.5.1)
    regexp_parser (2.1.1)
    reline (0.2.7)
      io-console (~> 0.5)
    request_store (1.5.0)
      rack (>= 1.4)
    rexml (3.2.5)
    rubyzip (2.3.2)
    sass-rails (6.0.0)
      sassc-rails (~> 2.1, >= 2.1.1)
    sassc (2.4.0)
      ffi (~> 1.9)
    sassc-rails (2.1.2)
      railties (>= 4.0.0)
      sassc (>= 2.0)
      sprockets (> 3.0)
      sprockets-rails
      tilt
    selenium-webdriver (4.1.0)
      childprocess (>= 0.5, < 5.0)
      rexml (~> 3.2, >= 3.2.5)
      rubyzip (>= 1.2.2)
    semantic_range (3.0.0)
    spring (3.1.1)
    sprockets (4.0.2)
      concurrent-ruby (~> 1.0)
      rack (> 1, < 3)
    sprockets-rails (3.4.1)
      actionpack (>= 5.2)
      activesupport (>= 5.2)
      sprockets (>= 3.0.0)
    stimulus-rails (0.7.3)
      rails (>= 6.0.0)
    thor (1.1.0)
    thread-local (1.1.0)
    tilt (2.0.10)
    turbo-rails (0.9.0)
      rails (>= 6.0.0)
    turbolinks (5.2.1)
      turbolinks-source (~> 5.2)
    turbolinks-source (5.2.0)
    tzinfo (2.0.4)
      concurrent-ruby (~> 1.0)
    view_component (2.45.0)
      activesupport (>= 5.0.0, < 8.0)
      method_source (~> 1.0)
    vite_rails (3.0.1)
      railties (>= 5.1, < 8)
      vite_ruby (~> 3.0)
    vite_ruby (3.0.2)
      dry-cli (~> 0.7.0)
      rack-proxy (~> 0.6, >= 0.6.1)
      zeitwerk (~> 2.2)
    warden (1.2.9)
      rack (>= 2.0.9)
    web-console (4.2.0)
      actionview (>= 6.0.0)
      activemodel (>= 6.0.0)
      bindex (>= 0.4.0)
      railties (>= 6.0.0)
    webdrivers (5.0.0)
      nokogiri (~> 1.6)
      rubyzip (>= 1.3.0)
      selenium-webdriver (~> 4.0)
    webpacker (5.4.3)
      activesupport (>= 5.2)
      rack-proxy (>= 0.6.1)
      railties (>= 5.2)
      semantic_range (>= 2.3.0)
    websocket-driver (0.7.5)
      websocket-extensions (>= 0.1.0)
    websocket-extensions (0.1.5)
    xpath (3.2.0)
      nokogiri (~> 1.8)
    zeitwerk (2.5.1)

PLATFORMS
  x86_64-linux

DEPENDENCIES
  bootsnap (>= 1.4.2)
  capybara (>= 3.26)
  chartkick (~> 4.1)
  debug
  devise (~> 4.8)
  hiredis
  hotwire-rails (~> 0.1.3)
  jbuilder (~> 2.7)
  kredis (~> 1.0)
  listen (~> 3.3)
  madmin!
  paper_trail (~> 12.1)
  pg (~> 1.1)
  puma (~> 5.0)
  rack-mini-profiler (~> 2.0)
  rails (~> 6.1.4, >= 6.1.4.1)
  redis (>= 4.0)
  responders!
  rexml (~> 3.2)
  sass-rails (>= 6)
  selenium-webdriver
  spring
  stimulus_reflex!
  turbo-rails (~> 0.9)
  turbolinks (~> 5)
  tzinfo-data
  view_component (~> 2.45)
  vite_rails (~> 3.0)
  web-console (>= 4.1.0)
  webdrivers
  webpacker (~> 5.0)

RUBY VERSION
   ruby 3.0.2p107

BUNDLED WITH
   2.2.26
